GEM
  remote: https://rubygems.org/
  specs:
    activemodel (5.0.0)
      activesupport (= 5.0.0)
    activerecord (5.0.0)
      activemodel (= 5.0.0)
      activesupport (= 5.0.0)
      arel (~> 7.0)
    activesupport (5.0.0)
      concurrent-ruby (~> 1.0, >= 1.0.2)
      i18n (~> 0.7)
      minitest (~> 5.1)
      tzinfo (~> 1.1)
    arel (7.1.1)
    backports (3.6.8)
    bond (0.5.1)
    concurrent-ruby (1.0.2)
    haml (4.0.7)
      tilt
    i18n (0.7.0)
    minitest (5.9.0)
    multi_json (1.12.1)
    rack (1.6.4)
    rack-protection (1.5.3)
      rack
    rack-proxy (0.6.0)
      rack
    rack-reverse-proxy (0.11.0)
      rack (>= 1.0.0)
      rack-proxy (~> 0.5, >= 0.5.14)
    rack-test (0.6.3)
      rack (>= 1.0)
    rake (11.2.2)
    ripl (0.7.1)
      bond (~> 0.5.1)
    ripl-multi_line (0.3.1)
      ripl (>= 0.3.6)
    ripl-rack (0.2.1)
      rack (>= 1.0)
      rack-test (~> 0.6.2)
      ripl (>= 0.7.0)
    shotgun (0.9.1)
      rack (>= 1.0)
    sinatra (1.4.7)
      rack (~> 1.5)
      rack-protection (~> 1.4)
      tilt (>= 1.3, < 3)
    sinatra-activerecord (2.0.10)
      activerecord (>= 3.2)
      sinatra (~> 1.0)
    sinatra-contrib (1.4.7)
      backports (>= 2.0)
      multi_json
      rack-protection
      rack-test
      sinatra (~> 1.4.0)
      tilt (>= 1.3, < 3)
    sqlite3 (1.3.11)
    sshkey (1.8.0)
    thread_safe (0.3.5)
    tilt (2.0.5)
    tux (0.3.0)
      ripl (>= 0.3.5)
      ripl-multi_line (>= 0.2.4)
      ripl-rack (>= 0.2.0)
      sinatra (>= 1.2.1)
    tzinfo (1.2.2)
      thread_safe (~> 0.1)

PLATFORMS
  ruby

DEPENDENCIES
  activerecord
  haml
  rack-reverse-proxy
  rake
  shotgun
  sinatra
  sinatra-activerecord
  sinatra-contrib
  sqlite3
  sshkey
  tux

BUNDLED WITH
   1.11.2
